PATH
  remote: .
  specs:
    simple-printer (0.1)

GEM
  remote: https://rubygems.org/
  specs:
    minitest (5.16.1)
    minitest-power_assert (0.3.1)
      minitest
      power_assert (>= 1.1)
    power_assert (2.0.1)
    rake (13.0.6)

PLATFORMS
  arm64-darwin-21

DEPENDENCIES
  bundler (~> 2.2)
  minitest (~> 5.16)
  minitest-power_assert (~> 0.3)
  rake (~> 13.0)
  simple-printer!

BUNDLED WITH
   2.3.16
